GEM
  specs:
    asciidoctor (2.0.12)
    coderay (1.1.3)
    method_source (1.0.0)
    pry (0.13.1)
      coderay (~> 1.1)
      method_source (~> 1.0)

PLATFORMS
  ruby

DEPENDENCIES
  asciidoctor (~> 2.0)
  pry (~> 0.13.1)

BUNDLED WITH
   1.17.2
